GIT
  remote: git://github.com/mattwynne/cucumber.git
  revision: 988338135ba093be502919db0ba81e2dad5598f6
  specs:
    cucumber (0.10.0)
      builder (>= 2.1.2)
      diff-lcs (~> 1.1.2)
      gherkin (~> 2.3.4)
      json (~> 1.4.6)
      term-ansicolor (~> 1.0.5)

GEM
  remote: http://rubygems.org/
  specs:
    aruba (0.3.3)
      childprocess (~> 0.1.7)
      cucumber (~> 0.10)
      rspec (~> 2.5)
    builder (3.0.0)
    childprocess (0.1.7)
      ffi (~> 0.6.3)
    diff-lcs (1.1.2)
    ffi (0.6.3)
      rake (>= 0.8.7)
    gherkin (2.3.4)
      json (~> 1.4.6)
    json (1.4.6)
    rake (0.8.7)
    rspec (2.5.0)
      rspec-core (~> 2.5.0)
      rspec-expectations (~> 2.5.0)
      rspec-mocks (~> 2.5.0)
    rspec-core (2.5.1)
    rspec-expectations (2.5.0)
      diff-lcs (~> 1.1.2)
    rspec-mocks (2.5.0)
    term-ansicolor (1.0.5)

PLATFORMS
  ruby

DEPENDENCIES
  aruba
  cucumber!
